GEM
  remote: http://rubygems.org/
  specs:
    hoe (3.0.6)
      rake (~> 0.8)
    rake (0.9.2.2)
    test-unit (1.2.3)
      hoe (>= 1.5.1)

PLATFORMS
  ruby

DEPENDENCIES
  test-unit (= 1.2.3)
